PATH
  remote: .
  specs:
    salama-object-file (0.2.0)

GEM
  remote: http://rubygems.org/
  specs:
    codeclimate-test-reporter (0.4.6)
      simplecov (>= 0.7.1, < 1.0.0)
    docile (1.1.5)
    minitest (5.6.1)
    multi_json (1.11.2)
    rake (10.4.2)
    rubygems-tasks (0.2.4)
    simplecov (0.9.2)
      docile (~> 1.1.0)
      multi_json (~> 1.0)
      simplecov-html (~> 0.9.0)
    simplecov-html (0.9.0)

PLATFORMS
  ruby

DEPENDENCIES
  codeclimate-test-reporter
  minitest
  rake
  rubygems-tasks
  salama-object-file!
