PATH
  remote: .
  specs:
    salama-object-file (0.2.0)

GEM
  remote: http://rubygems.org/
  specs:
    minitest (5.6.1)
    rake (10.4.2)
    rubygems-tasks (0.2.4)

PLATFORMS
  ruby

DEPENDENCIES
  minitest
  rake
  rubygems-tasks
  salama-object-file!
