PATH
  remote: .
  specs:
    salama-object-file (0.1)

GEM
  remote: http://rubygems.org/
  specs:
    minitest (5.6.1)

PLATFORMS
  ruby

DEPENDENCIES
  minitest
  salama-object-file!
