PATH
  remote: .
  specs:
    rx-file (0.3.0)

GEM
  remote: http://rubygems.org/
  specs:
    codeclimate-test-reporter (1.0.8)
      simplecov (<= 0.13)
    docile (1.1.5)
    json (2.1.0)
    minitest (5.10.3)
    rake (12.1.0)
    simplecov (0.13.0)
      docile (~> 1.1.0)
      json (>= 1.8, < 3)
      simplecov-html (~> 0.10.0)
    simplecov-html (0.10.2)

PLATFORMS
  ruby

DEPENDENCIES
  codeclimate-test-reporter
  minitest
  rake
  rx-file!

BUNDLED WITH
   1.15.4
